GEM
  remote: https://rubygems.org/
  specs:
    columnize (0.8.9)
    debase (0.0.9)
      debugger-ruby_core_source
    debugger-linecache (1.2.0)
    debugger-ruby_core_source (1.3.5)
    debugger2 (1.0.0.beta2)
      columnize (>= 0.3.1)
      debugger-linecache (~> 1.2.0)
    diff-lcs (1.2.5)
    rake (10.3.1)
    rspec (2.14.1)
      rspec-core (~> 2.14.0)
      rspec-expectations (~> 2.14.0)
      rspec-mocks (~> 2.14.0)
    rspec-core (2.14.7)
    rspec-expectations (2.14.5)
      diff-lcs (>= 1.1.3, < 2.0)
    rspec-mocks (2.14.6)
    ruby-debug-ide (0.4.23.beta1)
      rake (>= 0.8.1)

PLATFORMS
  ruby

DEPENDENCIES
  debase
  debugger2
  rspec
  ruby-debug-ide
